GEM
  remote: https://rubygems.org/
  specs:
    diff-lcs (1.2.4)
    nokogiri (1.5.10)
    rspec (2.14.1)
      rspec-core (~> 2.14.0)
      rspec-expectations (~> 2.14.0)
      rspec-mocks (~> 2.14.0)
    rspec-core (2.14.6)
    rspec-expectations (2.14.3)
      diff-lcs (>= 1.1.3, < 2.0)
    rspec-mocks (2.14.4)
    ruby-oci8 (2.1.5)
    ruby-plsql (0.5.0)
    ruby-plsql-spec (0.3.0)
      nokogiri (~> 1.5.0)
      rspec (~> 2.0)
      ruby-plsql (~> 0.5.0)
      thor (~> 0.14.2)
    thor (0.14.6)

PLATFORMS
  ruby

DEPENDENCIES
  ruby-oci8
  ruby-plsql-spec
